GEM
  remote: https://rubygems.org/
  specs:
    json-compare (0.1.8)
    json_pure (1.8.1)
    mini_portile (0.6.1)
    nokogiri (1.6.4.1)
      mini_portile (~> 0.6.0)
    rake (10.3.2)

PLATFORMS
  ruby

DEPENDENCIES
  json-compare
  json_pure
  nokogiri
  rake
